GIT
  remote: git://github.com/danielstutzman/opal.git
  revision: c9fe30788df296a007c0df8c5ef1f186672b5f9a
  branch: patches_to_20140504
  specs:
    opal (0.7.0.dev)
      source_map
      sprockets

GEM
  remote: https://rubygems.org/
  specs:
    actionmailer (4.1.3)
      actionpack (= 4.1.3)
      actionview (= 4.1.3)
      mail (~> 2.5.4)
    actionpack (4.1.3)
      actionview (= 4.1.3)
      activesupport (= 4.1.3)
      rack (~> 1.5.2)
      rack-test (~> 0.6.2)
    actionview (4.1.3)
      activesupport (= 4.1.3)
      builder (~> 3.1)
      erubis (~> 2.7.0)
    activemodel (4.1.3)
      activesupport (= 4.1.3)
      builder (~> 3.1)
    activerecord (4.1.3)
      activemodel (= 4.1.3)
      activesupport (= 4.1.3)
      arel (~> 5.0.0)
    activesupport (4.1.3)
      i18n (~> 0.6, >= 0.6.9)
      json (~> 1.7, >= 1.7.7)
      minitest (~> 5.1)
      thread_safe (~> 0.1)
      tzinfo (~> 1.1)
    arel (5.0.1.20140414130214)
    brakeman (2.6.1)
      erubis (~> 2.6)
      fastercsv (~> 1.5)
      haml (>= 3.0, < 5.0)
      highline (~> 1.6.20)
      multi_json (~> 1.2)
      ruby2ruby (~> 2.0.5)
      ruby_parser (~> 3.5.0)
      sass (~> 3.0)
      slim (>= 1.3.6, < 3.0)
      terminal-table (~> 1.4)
    builder (3.2.2)
    celluloid (0.15.2)
      timers (~> 1.1.0)
    coderay (1.1.0)
    coffee-rails (4.0.1)
      coffee-script (>= 2.2.0)
      railties (>= 4.0.0, < 5.0)
    coffee-script (2.2.0)
      coffee-script-source
      execjs
    coffee-script-source (1.7.0)
    daemons (1.1.9)
    diff-lcs (1.2.5)
    easyxdm-rails (0.0.8)
      rails (>= 3.2.8)
    erubis (2.7.0)
    eventmachine (1.0.3)
    execjs (2.0.2)
    factory_girl (4.4.0)
      activesupport (>= 3.0.0)
    factory_girl_rails (4.4.1)
      factory_girl (~> 4.4.0)
      railties (>= 3.0.0)
    fastercsv (1.5.5)
    ffi (1.9.3)
    foreigner (1.6.1)
      activerecord (>= 3.0.0)
    formatador (0.2.4)
    guard (2.3.0)
      formatador (>= 0.2.4)
      listen (~> 2.1)
      lumberjack (~> 1.0)
      pry (>= 0.9.12)
      thor (>= 0.18.1)
    guard-shell (0.6.1)
      guard (>= 1.1.0)
    haml (4.0.5)
      tilt
    highline (1.6.21)
    hike (1.2.3)
    i18n (0.6.11)
    jbuilder (2.1.3)
      activesupport (>= 3.0.0, < 5)
      multi_json (~> 1.2)
    json (1.8.1)
    kgio (2.7.4)
    listen (2.4.0)
      celluloid (>= 0.15.2)
      rb-fsevent (>= 0.9.3)
      rb-inotify (>= 0.9)
    lumberjack (1.0.4)
    mail (2.5.4)
      mime-types (~> 1.16)
      treetop (~> 1.4.8)
    method_source (0.8.2)
    mime-types (1.25.1)
    minitest (5.4.0)
    multi_json (1.10.1)
    newrelic_rpm (3.9.0.229)
    pg (0.17.1)
    polyglot (0.3.5)
    pry (0.9.12.6)
      coderay (~> 1.0)
      method_source (~> 0.8)
      slop (~> 3.4)
    rack (1.5.2)
    rack-test (0.6.2)
      rack (>= 1.0)
    rails (4.1.3)
      actionmailer (= 4.1.3)
      actionpack (= 4.1.3)
      actionview (= 4.1.3)
      activemodel (= 4.1.3)
      activerecord (= 4.1.3)
      activesupport (= 4.1.3)
      bundler (>= 1.3.0, < 2.0)
      railties (= 4.1.3)
      sprockets-rails (~> 2.0)
    rails_12factor (0.0.2)
      rails_serve_static_assets
      rails_stdout_logging
    rails_serve_static_assets (0.0.2)
    rails_stdout_logging (0.0.3)
    rails_weak_etags (0.0.1)
      rails (> 3.1)
    railties (4.1.3)
      actionpack (= 4.1.3)
      activesupport (= 4.1.3)
      rake (>= 0.8.7)
      thor (>= 0.18.1, < 2.0)
    raindrops (0.10.0)
    rake (10.3.2)
    rake-hooks (1.2.3)
      rake
    rb-fsevent (0.9.4)
    rb-inotify (0.9.4)
      ffi (>= 0.5.0)
    rspec (2.14.1)
      rspec-core (~> 2.14.0)
      rspec-expectations (~> 2.14.0)
      rspec-mocks (~> 2.14.0)
    rspec-core (2.14.7)
    rspec-expectations (2.14.4)
      diff-lcs (>= 1.1.3, < 2.0)
    rspec-mocks (2.14.4)
    rspec-rails (2.14.2)
      actionpack (>= 3.0)
      activemodel (>= 3.0)
      activesupport (>= 3.0)
      railties (>= 3.0)
      rspec-core (~> 2.14.0)
      rspec-expectations (~> 2.14.0)
      rspec-mocks (~> 2.14.0)
    ruby2ruby (2.0.8)
      ruby_parser (~> 3.1)
      sexp_processor (~> 4.0)
    ruby_parser (3.5.0)
      sexp_processor (~> 4.1)
    sass (3.2.19)
    sass-rails (4.0.3)
      railties (>= 4.0.0, < 5.0)
      sass (~> 3.2.0)
      sprockets (~> 2.8, <= 2.11.0)
      sprockets-rails (~> 2.0)
    sexp_processor (4.4.3)
    slim (2.0.3)
      temple (~> 0.6.6)
      tilt (>= 1.3.3, < 2.1)
    slop (3.4.7)
    source_map (3.0.1)
      json
    spring (1.1.3)
    spring-commands-rspec (1.0.2)
      spring (>= 0.9.1)
    sprockets (2.11.0)
      hike (~> 1.2)
      multi_json (~> 1.0)
      rack (~> 1.0)
      tilt (~> 1.1, != 1.3.0)
    sprockets-rails (2.1.3)
      actionpack (>= 3.0)
      activesupport (>= 3.0)
      sprockets (~> 2.8)
    sprockets-redirect (0.2.0)
      activesupport (>= 3.1.0)
      rack
    sqlite3 (1.3.9)
    temple (0.6.8)
    terminal-table (1.4.5)
    thin (1.6.2)
      daemons (>= 1.0.9)
      eventmachine (>= 1.0.0)
      rack (>= 1.0.0)
    thor (0.19.1)
    thread_safe (0.3.4)
    tilt (1.4.1)
    timers (1.1.0)
    treetop (1.4.15)
      polyglot
      polyglot (>= 0.3.1)
    tzinfo (1.2.2)
      thread_safe (~> 0.1)
    uglifier (2.5.0)
      execjs (>= 0.3.0)
      json (>= 1.8.0)
    unicorn (4.5.0)
      kgio (~> 2.6)
      rack
      raindrops (~> 0.7)

PLATFORMS
  ruby

DEPENDENCIES
  brakeman
  coffee-rails (~> 4.0.0)
  easyxdm-rails
  factory_girl_rails (~> 4.0)
  foreigner
  guard
  guard-shell
  haml
  jbuilder
  newrelic_rpm
  opal!
  pg
  rails (= 4.1.3)
  rails_12factor
  rails_weak_etags
  rake-hooks
  rspec
  rspec-rails
  sass-rails (~> 4.0.2)
  spring
  spring-commands-rspec
  sprockets-redirect
  sqlite3
  thin
  uglifier (>= 1.3.0)
  unicorn
